PATH
  remote: .
  specs:
    bottom (0.1.0)

GEM
  remote: https://rubygems.org/
  specs:
    minitest (5.14.3)
    rake (12.3.2)

PLATFORMS
  ruby

DEPENDENCIES
  bottom!
  minitest (~> 5.0)
  rake (~> 12.0)

BUNDLED WITH
   1.17.2
